PATH
  remote: .
  specs:
    ipgeobase (0.1.0)

GEM
  remote: https://rubygems.org/
  specs:
    addressable (2.8.0)
      public_suffix (>= 2.0.2, < 5.0)
    crack (0.4.5)
      rexml
    hashdiff (1.0.1)
    minitest (5.15.0)
    nokogiri (1.13.1-x86_64-linux)
      racc (~> 1.4)
    nokogiri-happymapper (0.5.9)
      nokogiri (~> 1.5)
    public_suffix (4.0.6)
    racc (1.6.0)
    rake (13.0.6)
    rexml (3.2.5)
    webmock (3.14.0)
      addressable (>= 2.8.0)
      crack (>= 0.3.2)
      hashdiff (>= 0.4.0, < 2.0.0)

PLATFORMS
  x86_64-linux

DEPENDENCIES
  addressable (~> 2.7)
  ipgeobase!
  minitest (~> 5.0)
  nokogiri-happymapper (~> 0.5.9)
  rake (~> 13.0)
  webmock (~> 3.14)

BUNDLED WITH
   2.2.32
